Brain Vision Data Exchange Header File Version 1.0
; Data created by the Vision Recorder

[Common Infos]
Codepage=UTF-8
DataFile=Helsinki_EEG_dummy.eeg
MarkerFile=Helsinki_EEG_dummy.vmrk
DataFormat=BINARY
; Data orientation: MULTIPLEXED=ch1,pt1, ch2,pt1 ...
DataOrientation=MULTIPLEXED
NumberOfChannels=64
; Sampling interval in microseconds
SamplingInterval=200

[Binary Infos]
BinaryFormat=INT_16

[Channel Infos]
; Each entry: Ch<Channel number>=<Name>,<Reference channel name>,
; <Resolution in "Unit">,<Unit>, Future extensions..
; Fields are delimited by commas, some fields might be omitted (empty).
; Commas in channel names are coded as "\1".
Ch1=Fp1,,0.5,µV
Ch2=Fpz,,0.5,µV
Ch3=Fp2,,0.5,µV
Ch4=AF3,,0.5,µV
Ch5=AFz,,0.5,µV
Ch6=AF4,,0.5,µV
Ch7=F5,,0.5,µV
Ch8=F3,,0.5,µV
Ch9=F1,,0.5,µV
Ch10=Fz,,0.5,µV
Ch11=F2,,0.5,µV
Ch12=F4,,0.5,µV
Ch13=F6,,0.5,µV
Ch14=FT9,,0.5,µV
Ch15=FT7,,0.5,µV
Ch16=FC5,,0.5,µV
Ch17=FC3,,0.5,µV
Ch18=FC1,,0.5,µV
Ch19=FCz,,0.5,µV
Ch20=FC2,,0.5,µV
Ch21=FC4,,0.5,µV
Ch22=FC6,,0.5,µV
Ch23=FT8,,0.5,µV
Ch24=FT10,,0.5,µV
Ch25=T7,,0.5,µV
Ch26=C5,,0.5,µV
Ch27=C3,,0.5,µV
Ch28=C1,,0.5,µV
Ch29=Cz,,0.5,µV
Ch30=C2,,0.5,µV
Ch31=C4,,0.5,µV
Ch32=C6,,0.5,µV
Ch33=T8,,0.5,µV
Ch34=TP9,,0.5,µV
Ch35=TP7,,0.5,µV
Ch36=CP5,,0.5,µV
Ch37=CP3,,0.5,µV
Ch38=CP1,,0.5,µV
Ch39=CPz,,0.5,µV
Ch40=CP2,,0.5,µV
Ch41=CP4,,0.5,µV
Ch42=CP6,,0.5,µV
Ch43=TP8,,0.5,µV
Ch44=TP10,,0.5,µV
Ch45=P7,,0.5,µV
Ch46=P5,,0.5,µV
Ch47=P3,,0.5,µV
Ch48=P1,,0.5,µV
Ch49=Pz,,0.5,µV
Ch50=P2,,0.5,µV
Ch51=P4,,0.5,µV
Ch52=P6,,0.5,µV
Ch53=P8,,0.5,µV
Ch54=PO7,,0.5,µV
Ch55=PO3,,0.5,µV
Ch56=POz,,0.5,µV
Ch57=PO4,,0.5,µV
Ch58=PO8,,0.5,µV
Ch59=O1,,0.5,µV
Ch60=Oz,,0.5,µV
Ch61=O2,,0.5,µV
Ch62=Iz,,0.5,µV
Ch63=EOG1,,0.5,µV
Ch64=EOG2,,0.5,µV

[Comment]

A m p l i f i e r  S e t u p
============================
Number of channels: 64
Sampling Rate [Hz]: 5000
Sampling Interval [µS]: 200

Channels
--------
#     Name      Phys. Chn.    Resolution / Unit   Low Cutoff [s]   High Cutoff [Hz]   Notch [Hz]    Series Res. [kOhm] Gradient         Offset
1     Fp1         1                0.5 µV             DC             1000              Off                0                 
2     Fpz         23               0.5 µV             DC             1000              Off                0                 
3     Fp2         33               0.5 µV             DC             1000              Off                0                 
4     AF3         3                0.5 µV             DC             1000              Off                0                 
5     AFz         4                0.5 µV             DC             1000              Off                0                 
6     AF4         34               0.5 µV             DC             1000              Off                0                 
7     F5          5                0.5 µV             DC             1000              Off                0                 
8     F3          6                0.5 µV             DC             1000              Off                0                 
9     F1          8                0.5 µV             DC             1000              Off                0                 
10    Fz          36               0.5 µV             DC             1000              Off                0                 
11    F2          37               0.5 µV             DC             1000              Off                0                 
12    F4          39               0.5 µV             DC             1000              Off                0                 
13    F6          40               0.5 µV             DC             1000              Off                0                 
14    FT9         9                0.5 µV             DC             1000              Off                0                 
15    FT7         10               0.5 µV             DC             1000              Off                0                 
16    FC5         11               0.5 µV             DC             1000              Off                0                 
17    FC3         12               0.5 µV             DC             1000              Off                0                 
18    FC1         13               0.5 µV             DC             1000              Off                0                 
19    FCz         20               0.5 µV             DC             1000              Off                0                 
20    FC2         41               0.5 µV             DC             1000              Off                0                 
21    FC4         42               0.5 µV             DC             1000              Off                0                 
22    FC6         43               0.5 µV             DC             1000              Off                0                 
23    FT8         44               0.5 µV             DC             1000              Off                0                 
24    FT10        45               0.5 µV             DC             1000              Off                0                 
25    T7          14               0.5 µV             DC             1000              Off                0                 
26    C5          15               0.5 µV             DC             1000              Off                0                 
27    C3          16               0.5 µV             DC             1000              Off                0                 
28    C1          17               0.5 µV             DC             1000              Off                0                 
29    Cz          46               0.5 µV             DC             1000              Off                0                 
30    C2          47               0.5 µV             DC             1000              Off                0                 
31    C4          48               0.5 µV             DC             1000              Off                0                 
32    C6          49               0.5 µV             DC             1000              Off                0                 
33    T8          50               0.5 µV             DC             1000              Off                0                 
34    TP9         18               0.5 µV             DC             1000              Off                0                 
35    TP7         19               0.5 µV             DC             1000              Off                0                 
36    CP5         2                0.5 µV             DC             1000              Off                0                 
37    CP3         21               0.5 µV             DC             1000              Off                0                 
38    CP1         22               0.5 µV             DC             1000              Off                0                 
39    CPz         53               0.5 µV             DC             1000              Off                0                 
40    CP2         51               0.5 µV             DC             1000              Off                0                 
41    CP4         52               0.5 µV             DC             1000              Off                0                 
42    CP6         35               0.5 µV             DC             1000              Off                0                 
43    TP8         54               0.5 µV             DC             1000              Off                0                 
44    TP10        55               0.5 µV             DC             1000              Off                0                 
45    P7          27               0.5 µV             DC             1000              Off                0                 
46    P5          7                0.5 µV             DC             1000              Off                0                 
47    P3          25               0.5 µV             DC             1000              Off                0                 
48    P1          26               0.5 µV             DC             1000              Off                0                 
49    Pz          56               0.5 µV             DC             1000              Off                0                 
50    P2          57               0.5 µV             DC             1000              Off                0                 
51    P4          58               0.5 µV             DC             1000              Off                0                 
52    P6          38               0.5 µV             DC             1000              Off                0                 
53    P8          63               0.5 µV             DC             1000              Off                0                 
54    PO7         28               0.5 µV             DC             1000              Off                0                 
55    PO3         29               0.5 µV             DC             1000              Off                0                 
56    POz         30               0.5 µV             DC             1000              Off                0                 
57    PO4         61               0.5 µV             DC             1000              Off                0                 
58    PO8         62               0.5 µV             DC             1000              Off                0                 
59    O1          31               0.5 µV             DC             1000              Off                0                 
60    Oz          32               0.5 µV             DC             1000              Off                0                 
61    O2          64               0.5 µV             DC             1000              Off                0                 
62    Iz          60               0.5 µV             DC             1000              Off                0                 
63    EOG1        24               0.5 µV             DC             1000              Off                0                 
64    EOG2        59               0.5 µV             DC             1000              Off                0                 

S o f t w a r e  F i l t e r s
==============================
Disabled


No impedance values available at 17:33:01!
