Brain Vision Data Exchange Header File Version 1.0
; Data created by the Vision Recorder

[Common Infos]
Codepage=UTF-8
DataFile=PAM_237_EO7.eeg
MarkerFile=PAM_237_EO7.vmrk
DataFormat=BINARY
; Data orientation: MULTIPLEXED=ch1,pt1, ch2,pt1 ...
DataOrientation=MULTIPLEXED
NumberOfChannels=95
; Sampling interval in microseconds
SamplingInterval=2000

[Binary Infos]
BinaryFormat=IEEE_FLOAT_32

[Channel Infos]
; Each entry: Ch<Channel number>=<Name>,<Reference channel name>,
; <Resolution in "Unit">,<Unit>, Future extensions..
; Fields are delimited by commas, some fields might be omitted (empty).
; Commas in channel names are coded as "\1".
Ch1=2,,0.0488281,µV
Ch2=3,,0.0488281,µV
Ch3=4,,0.0488281,µV
Ch4=5,,0.0488281,µV
Ch5=6,,0.0488281,µV
Ch6=7,,0.0488281,µV
Ch7=8,,0.0488281,µV
Ch8=9,,0.0488281,µV
Ch9=10,,0.0488281,µV
Ch10=11,,0.0488281,µV
Ch11=12,,0.0488281,µV
Ch12=13,,0.0488281,µV
Ch13=14,,0.0488281,µV
Ch14=15,,0.0488281,µV
Ch15=16,,0.0488281,µV
Ch16=17,,0.0488281,µV
Ch17=18,,0.0488281,µV
Ch18=19,,0.0488281,µV
Ch19=20,,0.0488281,µV
Ch20=21,,0.0488281,µV
Ch21=22,,0.0488281,µV
Ch22=23,,0.0488281,µV
Ch23=24,,0.0488281,µV
Ch24=25,,0.0488281,µV
Ch25=26,,0.0488281,µV
Ch26=27,,0.0488281,µV
Ch27=28,,0.0488281,µV
Ch28=29,,0.0488281,µV
Ch29=30,,0.0488281,µV
Ch30=31,,0.0488281,µV
Ch31=32,,0.0488281,µV
Ch32=33,,0.0488281,µV
Ch33=34,,0.0488281,µV
Ch34=35,,0.0488281,µV
Ch35=36,,0.0488281,µV
Ch36=37,,0.0488281,µV
Ch37=38,,0.0488281,µV
Ch38=39,,0.0488281,µV
Ch39=40,,0.0488281,µV
Ch40=41,,0.0488281,µV
Ch41=42,,0.0488281,µV
Ch42=43,,0.0488281,µV
Ch43=44,,0.0488281,µV
Ch44=45,,0.0488281,µV
Ch45=46,,0.0488281,µV
Ch46=47,,0.0488281,µV
Ch47=48,,0.0488281,µV
Ch48=49,,0.0488281,µV
Ch49=50,,0.0488281,µV
Ch50=51,,0.0488281,µV
Ch51=52,,0.0488281,µV
Ch52=53,,0.0488281,µV
Ch53=54,,0.0488281,µV
Ch54=55,,0.0488281,µV
Ch55=56,,0.0488281,µV
Ch56=57,,0.0488281,µV
Ch57=58,,0.0488281,µV
Ch58=59,,0.0488281,µV
Ch59=60,,0.0488281,µV
Ch60=61,,0.0488281,µV
Ch61=62,,0.0488281,µV
Ch62=63,,0.0488281,µV
Ch63=64,,0.0488281,µV
Ch64=65,,0.0488281,µV
Ch65=66,,0.0488281,µV
Ch66=67,,0.0488281,µV
Ch67=68,,0.0488281,µV
Ch68=69,,0.0488281,µV
Ch69=70,,0.0488281,µV
Ch70=71,,0.0488281,µV
Ch71=72,,0.0488281,µV
Ch72=73,,0.0488281,µV
Ch73=74,,0.0488281,µV
Ch74=75,,0.0488281,µV
Ch75=76,,0.0488281,µV
Ch76=77,,0.0488281,µV
Ch77=78,,0.0488281,µV
Ch78=79,,0.0488281,µV
Ch79=80,,0.0488281,µV
Ch80=81,,0.0488281,µV
Ch81=82,,0.0488281,µV
Ch82=83,,0.0488281,µV
Ch83=84,,0.0488281,µV
Ch84=85,,0.0488281,µV
Ch85=86,,0.0488281,µV
Ch86=87,,0.0488281,µV
Ch87=88,,0.0488281,µV
Ch88=89,,0.0488281,µV
Ch89=90,,0.0488281,µV
Ch90=91,,0.0488281,µV
Ch91=92,,0.0488281,µV
Ch92=93,,0.0488281,µV
Ch93=94,,0.0488281,µV
Ch94=95,,0.0488281,µV
Ch95=96,,0.0488281,µV

[Coordinates]
; Electrode Position File: C:\Vision\Workfiles\CAP-96-X5.bvef
Ch1=1,20,90
Ch2=1,-20,-30
Ch3=1,-20,30
Ch4=1,-40,20
Ch5=1,-40,-8
Ch6=1,-40,-35
Ch7=1,-40,-63
Ch8=1,40,90
Ch9=1,60,90
Ch10=1,-60,-68
Ch11=1,-60,-45
Ch12=1,-60,-23
Ch13=1,-60,0
Ch14=1,-80,10
Ch15=1,-80,-10
Ch16=1,-80,-30
Ch17=1,-80,-50
Ch18=1,-80,-70
Ch19=1,80,90
Ch20=1,100,90
Ch21=1,-100,-70
Ch22=1,-100,-50
Ch23=1,-100,-30
Ch24=1,-100,-10
Ch25=1,-100,10
Ch26=1,-120,6
Ch27=1,-120,-16
Ch28=1,-120,-40
Ch29=1,-140,-30
Ch30=1,-140,-10
Ch31=1,-140,9
Ch32=1,20,-90
Ch33=1,40,-75
Ch34=1,-40,75
Ch35=1,-40,47
Ch36=1,-60,23
Ch37=1,-60,45
Ch38=1,-60,68
Ch39=1,60,-90
Ch40=1,60,-68
Ch41=1,60,-45
Ch42=1,80,-50
Ch43=1,80,-70
Ch44=1,80,-90
Ch45=1,-80,70
Ch46=1,-80,50
Ch47=1,-80,30
Ch48=1,-100,30
Ch49=1,-100,50
Ch50=1,-100,70
Ch51=1,100,-90
Ch52=1,100,-70
Ch53=1,100,-50
Ch54=1,120,-48
Ch55=1,120,-69
Ch56=1,120,-90
Ch57=1,-120,69
Ch58=1,-120,48
Ch59=1,-120,27
Ch60=1,-140,36
Ch61=1,-140,63
Ch62=1,140,-90
Ch63=1,140,-63
Ch64=1,20,-30
Ch65=1,20,30
Ch66=1,40,63
Ch67=1,40,35
Ch68=1,40,8
Ch69=1,40,-20
Ch70=1,40,-47
Ch71=1,60,-23
Ch72=1,60,0
Ch73=1,60,23
Ch74=1,60,45
Ch75=1,60,68
Ch76=1,80,70
Ch77=1,80,50
Ch78=1,80,30
Ch79=1,80,10
Ch80=1,80,-10
Ch81=1,80,-30
Ch82=1,100,-30
Ch83=1,100,-10
Ch84=1,100,10
Ch85=1,100,30
Ch86=1,100,50
Ch87=1,100,70
Ch88=1,120,40
Ch89=1,120,16
Ch90=1,120,-6
Ch91=1,120,-27
Ch92=1,140,-36
Ch93=1,140,-9
Ch94=1,140,10
Ch95=1,140,30

[Comment]

BrainVision Recorder Professional   -   V. 1.22.0001


A m p l i f i e r  S e t u p
============================
Number of channels: 95
Sampling Rate [Hz]: 500
Sampling Interval [µS]: 2000

Channels
--------
#     Name      Phys. Chn.    Resolution / Unit   Low Cutoff [s]   High Cutoff [Hz]   Notch [Hz]    Gradient         Offset
1     2           2          0.0488281 µV             DC              140              Off
2     3           3          0.0488281 µV             DC              140              Off
3     4           4          0.0488281 µV             DC              140              Off
4     5           5          0.0488281 µV             DC              140              Off
5     6           6          0.0488281 µV             DC              140              Off
6     7           7          0.0488281 µV             DC              140              Off
7     8           8          0.0488281 µV             DC              140              Off
8     9           9          0.0488281 µV             DC              140              Off
9     10          10         0.0488281 µV             DC              140              Off
10    11          11         0.0488281 µV             DC              140              Off
11    12          12         0.0488281 µV             DC              140              Off
12    13          13         0.0488281 µV             DC              140              Off
13    14          14         0.0488281 µV             DC              140              Off
14    15          15         0.0488281 µV             DC              140              Off
15    16          16         0.0488281 µV             DC              140              Off
16    17          17         0.0488281 µV             DC              140              Off
17    18          18         0.0488281 µV             DC              140              Off
18    19          19         0.0488281 µV             DC              140              Off
19    20          20         0.0488281 µV             DC              140              Off
20    21          21         0.0488281 µV             DC              140              Off
21    22          22         0.0488281 µV             DC              140              Off
22    23          23         0.0488281 µV             DC              140              Off
23    24          24         0.0488281 µV             DC              140              Off
24    25          25         0.0488281 µV             DC              140              Off
25    26          26         0.0488281 µV             DC              140              Off
26    27          27         0.0488281 µV             DC              140              Off
27    28          28         0.0488281 µV             DC              140              Off
28    29          29         0.0488281 µV             DC              140              Off
29    30          30         0.0488281 µV             DC              140              Off
30    31          31         0.0488281 µV             DC              140              Off
31    32          32         0.0488281 µV             DC              140              Off
32    33          33         0.0488281 µV             DC              140              Off
33    34          34         0.0488281 µV             DC              140              Off
34    35          35         0.0488281 µV             DC              140              Off
35    36          36         0.0488281 µV             DC              140              Off
36    37          37         0.0488281 µV             DC              140              Off
37    38          38         0.0488281 µV             DC              140              Off
38    39          39         0.0488281 µV             DC              140              Off
39    40          40         0.0488281 µV             DC              140              Off
40    41          41         0.0488281 µV             DC              140              Off
41    42          42         0.0488281 µV             DC              140              Off
42    43          43         0.0488281 µV             DC              140              Off
43    44          44         0.0488281 µV             DC              140              Off
44    45          45         0.0488281 µV             DC              140              Off
45    46          46         0.0488281 µV             DC              140              Off
46    47          47         0.0488281 µV             DC              140              Off
47    48          48         0.0488281 µV             DC              140              Off
48    49          49         0.0488281 µV             DC              140              Off
49    50          50         0.0488281 µV             DC              140              Off
50    51          51         0.0488281 µV             DC              140              Off
51    52          52         0.0488281 µV             DC              140              Off
52    53          53         0.0488281 µV             DC              140              Off
53    54          54         0.0488281 µV             DC              140              Off
54    55          55         0.0488281 µV             DC              140              Off
55    56          56         0.0488281 µV             DC              140              Off
56    57          57         0.0488281 µV             DC              140              Off
57    58          58         0.0488281 µV             DC              140              Off
58    59          59         0.0488281 µV             DC              140              Off
59    60          60         0.0488281 µV             DC              140              Off
60    61          61         0.0488281 µV             DC              140              Off
61    62          62         0.0488281 µV             DC              140              Off
62    63          63         0.0488281 µV             DC              140              Off
63    64          64         0.0488281 µV             DC              140              Off
64    65          65         0.0488281 µV             DC              140              Off
65    66          66         0.0488281 µV             DC              140              Off
66    67          67         0.0488281 µV             DC              140              Off
67    68          68         0.0488281 µV             DC              140              Off
68    69          69         0.0488281 µV             DC              140              Off
69    70          70         0.0488281 µV             DC              140              Off
70    71          71         0.0488281 µV             DC              140              Off
71    72          72         0.0488281 µV             DC              140              Off
72    73          73         0.0488281 µV             DC              140              Off
73    74          74         0.0488281 µV             DC              140              Off
74    75          75         0.0488281 µV             DC              140              Off
75    76          76         0.0488281 µV             DC              140              Off
76    77          77         0.0488281 µV             DC              140              Off
77    78          78         0.0488281 µV             DC              140              Off
78    79          79         0.0488281 µV             DC              140              Off
79    80          80         0.0488281 µV             DC              140              Off
80    81          81         0.0488281 µV             DC              140              Off
81    82          82         0.0488281 µV             DC              140              Off
82    83          83         0.0488281 µV             DC              140              Off
83    84          84         0.0488281 µV             DC              140              Off
84    85          85         0.0488281 µV             DC              140              Off
85    86          86         0.0488281 µV             DC              140              Off
86    87          87         0.0488281 µV             DC              140              Off
87    88          88         0.0488281 µV             DC              140              Off
88    89          89         0.0488281 µV             DC              140              Off
89    90          90         0.0488281 µV             DC              140              Off
90    91          91         0.0488281 µV             DC              140              Off
91    92          92         0.0488281 µV             DC              140              Off
92    93          93         0.0488281 µV             DC              140              Off
93    94          94         0.0488281 µV             DC              140              Off
94    95          95         0.0488281 µV             DC              140              Off
95    96          96         0.0488281 µV             DC              140              Off

Reference Channel Name = 1
Reference Phys. Chn.   = 1
Use active/dry Electrodes = Yes 
Good Level [kOhms]     = 25
Bad Level [kOhms]      = 50
MY-Button Workspace    = C:\Vision\Workfiles\MYButton

Amplifier 
actiCHamp Base Unit (5001) 
  --- S/N 15110515 --- 

actiCHamp 32 CH Module
  --- Module 1 (5010): S/N 15110989 ---
  --- Module 2 (5010): S/N 15110990 ---
  --- Module 3 (5010): S/N 15080865 ---
Version: DLL_27.18.06.25, DRV_03.04.01.146, CTRL_102.15.06.09, FPGA_67.00.00.00, DSP_105.14.10.07 


S o f t w a r e  F i l t e r s
==============================
Disabled


Data/Gnd Electrodes Selected Impedance Measurement Range: 25 - 50 kOhm
Impedance [kOhm] at 13:58:24 :
1:            1
2:            4
3:           18
4:            6
5:           24
6:           22
7:            8
8:           15
9:           13
10:          11
11:          11
12:          18
13:          13
14:          20
15:           4
16:           8
17:          14
18:          20
19:           0
20:          12
21:           1
22:           8
23:           1
24:          12
25:           6
26:           5
27:       Out of Range!
28:           6
29:          15
30:           9
31:          15
32:       Out of Range!
33:          13
34:           0
35:           8
36:           2
37:           9
38:           4
39:          12
40:          13
41:           1
42:           1
43:          17
44:          22
45:          11
46:           9
47:           6
48:           6
49:          11
50:          12
51:          14
52:          11
53:          17
54:          21
55:          24
56:          19
57:          11
58:          19
59:           9
60:         234
61:       Out of Range!
62:       Out of Range!
63:       Out of Range!
64:          18
65:          13
66:          13
67:          15
68:           6
69:          21
70:          16
71:           6
72:          11
73:          22
74:          10
75:          20
76:          12
77:          21
78:          37
79:          10
80:          16
81:          30
82:          16
83:          21
84:          38
85:          84
86:           2
87:          15
88:          22
89:         127
90:          93
91:          44
92:          94
93:       Out of Range!
94:         356
95:       Out of Range!
96:           6
Gnd:          2
